NUGET
  remote: https://nuget.org/api/v2
  specs:
    DotLiquid (1.8.0)
    FAKE (4.10.3)
    FSharp.Compiler.Service (1.4.2.1)
    FSharp.Core (4.0.0.1)
    FSharp.Data (2.2.5)
      Zlib.Portable (>= 1.10.0) - framework: portable-net40+sl50+wp80+win80
    Google.DataTable.Net.Wrapper (3.1.2)
    Newtonsoft.Json (7.0.1)
    Suave (0.33.0)
      FSharp.Core (>= 3.1.2.5)
    Suave.DotLiquid (0.33.0)
      DotLiquid (>= 1.8.0)
      FSharp.Core (>= 3.1.2.5)
      Suave (>= 0.33.0)
    XPlot.GoogleCharts (1.2.2)
      Google.DataTable.Net.Wrapper
      Newtonsoft.Json
    Zlib.Portable (1.11.0) - framework: portable-net40+sl50+wp80+win80
